GEM
  remote: http://rubygems.org/
  specs:
    turkish_support (1.0.2)

PLATFORMS
  ruby

DEPENDENCIES
  turkish_support

BUNDLED WITH
   1.11.2
